PATH
  remote: .
  specs:
    mosaiq (0.1.0)

GEM
  remote: https://rubygems.org/
  specs:
    byebug (11.0.1)
    mini_portile2 (2.4.0)
    minitest (5.12.2)
    nokogiri (1.10.4)
      mini_portile2 (~> 2.4.0)
    rake (10.5.0)

PLATFORMS
  ruby

DEPENDENCIES
  bundler (~> 2.0)
  byebug (~> 11.0)
  minitest (~> 5.0)
  mosaiq!
  nokogiri (~> 1.10)
  rake (~> 10.0)

BUNDLED WITH
   2.0.2
